GEM
  remote: https://rubygems.org/
  specs:
    array_include_methods (1.4.0)
    chunky_png (1.4.0)
    color (1.8)
    equalizer (0.0.11)
    facets (3.1.0)
    glimmer (2.5.5)
      array_include_methods (~> 1.4.0)
      facets (>= 3.1.0, < 4.0.0)
    glimmer-dsl-libui (0.4.20)
      chunky_png (~> 1.4.0)
      color (~> 1.8)
      equalizer (= 0.0.11)
      glimmer (~> 2.5.4)
      libui (~> 0.0.13)
      os (>= 1.0.0, < 2.0.0)
    libui (0.0.13)
    os (1.1.4)

PLATFORMS
  x86_64-darwin-20

DEPENDENCIES
  glimmer
  glimmer-dsl-libui

BUNDLED WITH
   2.2.22
